GIT
  remote: https://github.com/nervosnetwork/ckb-sdk-ruby.git
  revision: 6defddc4e88cd523597668ac6f4a492fe84a6402
  specs:
    ckb-sdk-ruby (0.35.0)
      bitcoin-secp256k1 (~> 0.5.2)
      net-http-persistent (~> 3.1.0)
      rbnacl (~> 7.1.1)

GEM
  specs:
    activesupport (6.0.3.3)
      concurrent-ruby (~> 1.0, >= 1.0.2)
      i18n (>= 0.7, < 2)
      minitest (~> 5.1)
      tzinfo (~> 1.1)
      zeitwerk (~> 2.2, >= 2.2.2)
    bitcoin-secp256k1 (0.5.2)
      ffi (>= 1.9.25)
    bson (4.9.2)
    concurrent-ruby (1.1.6)
    connection_pool (2.2.2)
    ffi (1.12.2)
    i18n (1.8.3)
      concurrent-ruby (~> 1.0)
    minitest (5.11.3)
    mongo (2.12.1)
      bson (>= 4.8.2, < 5.0.0)
    net-http-persistent (3.1.0)
      connection_pool (~> 2.2)
    power_assert (1.1.3)
    rbnacl (7.1.1)
      ffi
    test-unit (3.2.9)
      power_assert
    thor (1.0.1)
    thread_safe (0.3.6)
    tzinfo (1.2.7)
      thread_safe (~> 0.1)
    zeitwerk (2.3.0)

PLATFORMS
  ruby

DEPENDENCIES
  activesupport
  ckb-sdk-ruby (= 0.35.0)!
  minitest
  mongo (~> 2.4)
  test-unit
  thor

BUNDLED WITH
   2.1.4
