GIT
  remote: https://github.com/nervosnetwork/ckb-sdk-ruby.git
  revision: 94285f26674afdad61bc63f3a42a04dc72aada01
  specs:
    ckb-sdk-ruby (0.36.0)
      bitcoin-secp256k1 (~> 0.5.2)
      net-http-persistent (~> 3.1.0)
      rbnacl (~> 7.1.1)

GEM
  specs:
    activesupport (6.0.3.3)
      concurrent-ruby (~> 1.0, >= 1.0.2)
      i18n (>= 0.7, < 2)
      minitest (~> 5.1)
      tzinfo (~> 1.1)
      zeitwerk (~> 2.2, >= 2.2.2)
    axiom-types (0.1.1)
      descendants_tracker (~> 0.0.4)
      ice_nine (~> 0.11.0)
      thread_safe (~> 0.3, >= 0.3.1)
    bitcoin-secp256k1 (0.5.2)
      ffi (>= 1.9.25)
    bson (4.9.2)
    coercible (1.0.0)
      descendants_tracker (~> 0.0.1)
    concurrent-ruby (1.1.6)
    connection_pool (2.2.2)
    descendants_tracker (0.0.4)
      thread_safe (~> 0.3, >= 0.3.1)
    equalizer (0.0.11)
    faraday (1.0.1)
      multipart-post (>= 1.2, < 3)
    ffi (1.12.2)
    i18n (1.8.3)
      concurrent-ruby (~> 1.0)
    ice_nine (0.11.2)
    inflecto (0.0.2)
    minitest (5.11.3)
    mongo (2.12.1)
      bson (>= 4.8.2, < 5.0.0)
    multipart-post (2.1.1)
    net-http-persistent (3.1.0)
      connection_pool (~> 2.2)
    power_assert (1.1.3)
    rbnacl (7.1.1)
      ffi
    telegram-bot-ruby (0.12.0)
      faraday
      inflecto
      virtus
    test-unit (3.2.9)
      power_assert
    thor (1.0.1)
    thread_safe (0.3.6)
    tzinfo (1.2.7)
      thread_safe (~> 0.1)
    virtus (1.0.5)
      axiom-types (~> 0.1)
      coercible (~> 1.0)
      descendants_tracker (~> 0.0, >= 0.0.3)
      equalizer (~> 0.0, >= 0.0.9)
    zeitwerk (2.3.0)

PLATFORMS
  ruby

DEPENDENCIES
  activesupport
  ckb-sdk-ruby (= 0.36.0)!
  minitest
  mongo (~> 2.4)
  telegram-bot-ruby
  test-unit
  thor

BUNDLED WITH
   2.1.4
